GEM
  remote: https://rubygems.org/
  specs:
    actionmailer (3.2.9)
      actionpack (= 3.2.9)
      mail (~> 2.4.4)
    actionpack (3.2.9)
      activemodel (= 3.2.9)
      activesupport (= 3.2.9)
      builder (~> 3.0.0)
      erubis (~> 2.7.0)
      journey (~> 1.0.4)
      rack (~> 1.4.0)
      rack-cache (~> 1.2)
      rack-test (~> 0.6.1)
      sprockets (~> 2.2.1)
    active_model_serializers (0.5.2)
      activemodel (~> 3.0)
    activemodel (3.2.9)
      activesupport (= 3.2.9)
      builder (~> 3.0.0)
    activemodel-warnings (1.0.3)
      activemodel (~> 3.0)
    activerecord (3.2.9)
      activemodel (= 3.2.9)
      activesupport (= 3.2.9)
      arel (~> 3.0.2)
      tzinfo (~> 0.3.29)
    activeresource (3.2.9)
      activemodel (= 3.2.9)
      activesupport (= 3.2.9)
    activesupport (3.2.9)
      i18n (~> 0.6)
      multi_json (~> 1.0)
    activevalidators (2.0.1)
      activemodel (>= 3.0.0)
      countries (~> 0.8.2)
      date_validator
      mail
      phony (~> 1.7.4)
      rake (>= 0.8.7)
    addressable (2.2.8)
    arel (3.0.2)
    bcrypt-ruby (3.0.1)
    brakeman (1.6.2)
      activesupport
      erubis (~> 2.6)
      fastercsv (~> 1.5)
      haml (~> 3.0)
      highline (~> 1.6)
      i18n
      json_pure
      ruby2ruby (~> 1.2)
      ruby_parser (= 2.3.1)
      sass (~> 3.0)
      terminal-table (~> 1.4)
    builder (3.0.4)
    cancan (1.6.8)
    capybara (1.1.4)
      mime-types (>= 1.16)
      nokogiri (>= 1.3.3)
      rack (>= 1.0.0)
      rack-test (>= 0.5.4)
      selenium-webdriver (~> 2.0)
      xpath (~> 0.1.4)
    capybara-email (0.1.2)
    capybara-puma (1.0.0)
      capybara
      puma
    celluloid (0.11.0)
    childprocess (0.3.6)
      ffi (~> 1.0, >= 1.0.6)
    chronic (0.6.7)
    chunky_png (1.2.5)
    coffee-rails (3.2.2)
      coffee-script (>= 2.2.0)
      railties (~> 3.2.0)
    coffee-script (2.2.0)
      coffee-script-source
      execjs
    coffee-script-source (1.3.3)
    colorize (0.5.8)
    compass (0.12.2)
      chunky_png (~> 1.2)
      fssm (>= 0.2.7)
      sass (~> 3.1)
    compass-rails (1.0.3)
      compass (>= 0.12.2, < 0.14)
    connection_pool (0.9.2)
    countries (0.8.2)
      currencies (= 0.4.0)
      currencies (>= 0.2.0)
    cucumber (1.2.1)
      builder (>= 2.1.2)
      diff-lcs (>= 1.1.3)
      gherkin (~> 2.11.0)
      json (>= 1.4.6)
    currencies (0.4.0)
    database_cleaner (0.8.0)
    date_validator (0.6.3)
      activemodel (~> 3.0)
    devise (2.1.2)
      bcrypt-ruby (~> 3.0)
      orm_adapter (~> 0.1)
      railties (~> 3.1)
      warden (~> 1.2.1)
    diff-lcs (1.1.3)
    dotenv (0.1.1)
    erubis (2.7.0)
    eventmachine (1.0.0)
    execjs (1.4.0)
      multi_json (~> 1.0)
    factory_girl (3.5.0)
      activesupport (>= 3.0.0)
    factory_girl_rails (3.5.0)
      factory_girl (~> 3.5.0)
      railties (>= 3.0.0)
    fastercsv (1.5.5)
    faye-websocket (0.4.6)
      eventmachine (>= 0.12.0)
    ffi (1.0.11)
    forgery (0.5.0)
    friendly_id (4.0.8)
    fssm (0.2.9)
    gherkin (2.11.1)
      json (>= 1.4.6)
    growl (1.0.3)
    guard (1.3.2)
      listen (>= 0.4.2)
      thor (>= 0.14.6)
    guard-bundler (1.0.0)
      bundler (~> 1.0)
      guard (~> 1.1)
    guard-cucumber (1.2.0)
      cucumber (>= 1.2.0)
      guard (>= 1.1.0)
    guard-konacha (0.1.1)
      guard (~> 1.1)
      konacha (~> 1.4)
    guard-puma (0.2.2)
      guard (>= 1.0.1)
      libnotify
      puma
      rb-inotify
    guard-rspec (1.1.0)
      guard (>= 1.1)
    guard-sidekiq (0.0.8)
      guard (>= 1.1)
      sidekiq
    guard-spin (0.3.0)
      guard
      spin
    haml (3.1.6)
    highline (1.6.13)
    hike (1.2.1)
    http_parser.rb (0.5.3)
    i18n (0.6.1)
    journey (1.0.4)
    jquery-rails (2.0.2)
      railties (>= 3.2.0, < 5.0)
      thor (~> 0.14)
    json (1.7.5)
    json_pure (1.7.3)
    konacha (1.5.1)
      actionpack (~> 3.1)
      capybara
      colorize
      railties (~> 3.1)
      sprockets
    launchy (2.1.0)
      addressable (~> 2.2.6)
    letter_opener (0.0.2)
      launchy
    libnotify (0.7.4)
      ffi (~> 1.0.11)
    libwebsocket (0.1.7.1)
      addressable
      websocket
    listen (0.5.0)
    lograge (0.0.6)
      actionpack
      activesupport
    mail (2.4.4)
      i18n (>= 0.4.0)
      mime-types (~> 1.16)
      treetop (~> 1.4.8)
    mime-types (1.19)
    multi_json (1.5.0)
    newrelic_rpm (3.5.3.25)
    nokogiri (1.5.5)
    orm_adapter (0.3.0)
    pg (0.14.0)
    phony (1.7.12)
    poltergeist (1.0.2)
      capybara (~> 1.1)
      childprocess (~> 0.3)
      faye-websocket (~> 0.4, >= 0.4.4)
      http_parser.rb (~> 0.5.3)
      multi_json (~> 1.0)
    polyglot (0.3.3)
    puma (1.4.0)
      rack (~> 1.2)
    quiet_assets (1.0.1)
      railties (~> 3.1)
    rack (1.4.1)
    rack-cache (1.2)
      rack (>= 0.4)
    rack-ssl (1.3.2)
      rack
    rack-test (0.6.2)
      rack (>= 1.0)
    rails (3.2.9)
      actionmailer (= 3.2.9)
      actionpack (= 3.2.9)
      activerecord (= 3.2.9)
      activeresource (= 3.2.9)
      activesupport (= 3.2.9)
      bundler (~> 1.0)
      railties (= 3.2.9)
    railties (3.2.9)
      actionpack (= 3.2.9)
      activesupport (= 3.2.9)
      rack-ssl (~> 1.3.2)
      rake (>= 0.8.7)
      rdoc (~> 3.4)
      thor (>= 0.14.6, < 2.0)
    rake (10.0.3)
    rb-fsevent (0.9.1)
    rb-inotify (0.8.8)
      ffi (>= 0.5.0)
    rdoc (3.12)
      json (~> 1.4)
    redis (3.0.1)
    redis-namespace (1.2.0)
      redis (~> 3.0.0)
    rspec (2.10.0)
      rspec-core (~> 2.10.0)
      rspec-expectations (~> 2.10.0)
      rspec-mocks (~> 2.10.0)
    rspec-core (2.10.1)
    rspec-expectations (2.10.0)
      diff-lcs (~> 1.1.3)
    rspec-mocks (2.10.1)
    rspec-rails (2.10.1)
      actionpack (>= 3.0)
      activesupport (>= 3.0)
      railties (>= 3.0)
      rspec (~> 2.10.0)
    ruby2ruby (1.3.1)
      ruby_parser (~> 2.0)
      sexp_processor (~> 3.0)
    ruby_parser (2.3.1)
      sexp_processor (~> 3.0)
    rubyzip (0.9.9)
    sass (3.1.20)
    sass-rails (3.2.5)
      railties (~> 3.2.0)
      sass (>= 3.1.10)
      tilt (~> 1.3)
    seedbank (0.1.1)
    selenium-webdriver (2.27.2)
      childprocess (>= 0.2.5)
      libwebsocket (~> 0.1.3)
      multi_json (~> 1.0)
      rubyzip
    sexp_processor (3.2.0)
    shoulda (3.0.1)
      shoulda-context (~> 1.0.0)
      shoulda-matchers (~> 1.0.0)
    shoulda-context (1.0.0)
    shoulda-matchers (1.0.0)
    sidekiq (2.0.3)
      celluloid (~> 0.11.0)
      connection_pool (~> 0.9.0)
      multi_json (~> 1)
      redis (~> 3)
      redis-namespace
    simple_form (2.0.2)
      actionpack (~> 3.0)
      activemodel (~> 3.0)
    simplecov (0.6.4)
      multi_json (~> 1.0)
      simplecov-html (~> 0.5.3)
    simplecov-html (0.5.3)
    spin (0.4.6)
    sprockets (2.2.2)
      hike (~> 1.2)
      multi_json (~> 1.0)
      rack (~> 1.0)
      tilt (~> 1.1, != 1.3.0)
    terminal-table (1.4.5)
    thor (0.16.0)
    tilt (1.3.3)
    timecop (0.3.5)
    tophat (2.1.0)
      actionpack (>= 3.0.0)
    treetop (1.4.12)
      polyglot
      polyglot (>= 0.3.1)
    tzinfo (0.3.35)
    uglifier (1.2.6)
      execjs (>= 0.3.0)
      multi_json (~> 1.3)
    vendorer (0.1.11)
    warden (1.2.1)
      rack (>= 1.0)
    websocket (1.0.4)
    whenever (0.7.3)
      activesupport (>= 2.3.4)
      chronic (~> 0.6.3)
    xpath (0.1.4)
      nokogiri (~> 1.3)

PLATFORMS
  ruby

DEPENDENCIES
  active_model_serializers
  activemodel-warnings
  activevalidators
  brakeman
  cancan
  capybara-email
  capybara-puma
  coffee-rails (~> 3.2.1)
  compass-rails
  database_cleaner
  devise
  dotenv
  factory_girl
  factory_girl_rails
  forgery
  friendly_id
  growl
  guard-bundler
  guard-cucumber
  guard-konacha
  guard-puma
  guard-rspec
  guard-sidekiq
  guard-spin
  jquery-rails
  konacha
  launchy
  letter_opener
  lograge
  newrelic_rpm
  pg
  poltergeist
  quiet_assets
  rails (= 3.2.9)
  rake
  rb-fsevent
  rspec-rails
  sass-rails (~> 3.2.3)
  seedbank
  shoulda
  sidekiq
  simple_form
  simplecov
  timecop
  tophat
  uglifier (>= 1.0.3)
  vendorer
  whenever
